PATH
  remote: .
  specs:
    web (0.0.4)
      configliere
      gli

GEM
  remote: http://rubygems.org/
  specs:
    configliere (0.4.17)
      highline (>= 1.5.2)
      multi_json (>= 1.1)
    gli (2.2.1)
    highline (1.6.15)
    json (1.7.5)
    multi_json (1.3.6)
    rake (0.9.2.2)
    rdoc (3.12)
      json (~> 1.4)

PLATFORMS
  ruby

DEPENDENCIES
  rake
  rdoc
  web!
