PATH
  remote: .
  specs:
    web (0.0.1)
      gli

GEM
  remote: http://rubygems.org/
  specs:
    gli (2.0.0)
    json (1.7.5)
    rake (0.9.2.2)
    rdoc (3.12)
      json (~> 1.4)

PLATFORMS
  ruby

DEPENDENCIES
  rake
  rdoc
  web!
